GEM
  remote: https://rubygems.org/
  specs:
    backports (2.3.0)
    bouncy-castle-java (1.5.0146.1)
    builder (3.0.0)
    childprocess (0.2.5)
      ffi (~> 1.0.6)
    cucumber (1.1.4)
      builder (>= 2.1.2)
      diff-lcs (>= 1.1.2)
      gherkin (~> 2.7.1)
      json (>= 1.4.6)
      term-ansicolor (>= 1.0.6)
    diff-lcs (1.1.3)
    domain_name (0.5.1)
      unf (~> 0.0.3)
    eventmachine (1.0.0)
    eventmachine (1.0.0-java)
    eventmachine (1.0.0-x86-mingw32)
    ffi (1.0.11)
    ffi (1.0.11-java)
    gherkin (2.7.2)
      json (>= 1.4.6)
    gherkin (2.7.2-java)
      json (>= 1.4.6)
    gherkin (2.7.2-x86-mingw32)
      json (>= 1.4.6)
    git (1.2.5)
    haml (4.0.1)
      tilt
    hashie (2.0.3)
    httparty (0.9.0)
      multi_json (~> 1.0)
      multi_xml
    jeweler (1.6.4)
      bundler (~> 1.0)
      git (>= 1.2.5)
      rake
    jruby-openssl (0.7.4)
      bouncy-castle-java
    json (1.6.4)
    json (1.6.4-java)
    mechanize (2.1)
      domain_name (~> 0.5, >= 0.5.1)
      net-http-digest_auth (~> 1.1, >= 1.1.1)
      net-http-persistent (~> 2.3, >= 2.3.2)
      nokogiri (~> 1.4)
      ntlm-http (~> 0.1, >= 0.1.1)
      webrobots (~> 0.0, >= 0.0.9)
    multi_json (1.3.6)
    multi_xml (0.5.1)
    net-http-digest_auth (1.2)
    net-http-persistent (2.3.3)
    nokogiri (1.5.0)
    nokogiri (1.5.0-java)
    nokogiri (1.5.0-x86-mingw32)
    ntlm-http (0.1.1)
    ptools (1.2.2)
    ptools (1.2.2-x86-mingw32)
      win32-file (>= 0.5.4)
    rack (1.4.0)
    rack-protection (1.2.0)
      rack
    rack-test (0.6.1)
      rack (>= 1.0)
    rake (0.9.2.2)
    rspec (2.11.0)
      rspec-core (~> 2.11.0)
      rspec-expectations (~> 2.11.0)
      rspec-mocks (~> 2.11.0)
    rspec-core (2.11.1)
    rspec-expectations (2.11.3)
      diff-lcs (~> 1.1.3)
    rspec-mocks (2.11.3)
    simplecov (0.6.4)
      multi_json (~> 1.0)
      simplecov-html (~> 0.5.3)
    simplecov-html (0.5.3)
    sinatra (1.3.2)
      rack (~> 1.3, >= 1.3.6)
      rack-protection (~> 1.2)
      tilt (~> 1.3, >= 1.3.3)
    sinatra-contrib (1.3.1)
      backports (>= 2.0)
      eventmachine
      rack-protection
      rack-test
      sinatra (~> 1.3.0)
      tilt (~> 1.3)
    term-ansicolor (1.0.7)
    thor (0.15.4)
    tilt (1.3.3)
    unf (0.0.4)
      unf_ext
    unf_ext (0.0.4)
    unf_ext (0.0.4-x86-mingw32)
    waitforit (0.0.1)
    webrobots (0.0.12)
      nokogiri (>= 1.4.4)
    win32-api (1.4.8-x86-mingw32)
    win32-file (0.6.8)
      win32-api (>= 1.2.1)
      win32-file-stat (>= 1.3.2)
      windows-pr (>= 1.0.8)
    win32-file-stat (1.3.6)
      windows-pr (>= 1.0.0)
    windows-api (0.4.2)
      win32-api (>= 1.4.5)
    windows-pr (1.2.2)
      win32-api (>= 1.4.5)
      windows-api (>= 0.3.0)

PLATFORMS
  java
  ruby
  x86-mingw32

DEPENDENCIES
  childprocess
  cucumber
  haml
  hashie
  httparty
  jeweler
  jruby-openssl
  mechanize
  nokogiri
  ptools
  rack-test
  rake
  rspec
  simplecov
  sinatra
  sinatra-contrib
  thor
  waitforit
